GIT
  remote: git://github.com/seancribbs/ripple.git
  revision: b81a5cc4b3a7d1786c86a1bb00d70525509a07d5
  specs:
    riak-client (0.9.0.beta)
      builder (~> 2.1.2)
      i18n (>= 0.4.0)
    ripple (0.9.0.beta)
      activemodel (~> 3.0.0)
      activesupport (~> 3.0.0)
      riak-client (~> 0.9.0.beta)

PATH
  remote: .
  specs:
    rekon (0.5.0)
      coderay (~> 0.9.7)
      excon (~> 0.4.0)
      haml (~> 3.0.25)
      sinatra (~> 1.1.2)
      will_paginate (~> 2.3.15)
      yajl-ruby (~> 0.7.9)

GEM
  remote: http://rubygems.org/
  specs:
    activemodel (3.0.5)
      activesupport (= 3.0.5)
      builder (~> 2.1.2)
      i18n (~> 0.4)
    activesupport (3.0.5)
    builder (2.1.2)
    coderay (0.9.7)
    diff-lcs (1.1.2)
    excon (0.4.0)
    haml (3.0.25)
    i18n (0.5.0)
    rack (1.2.1)
    rack-test (0.5.7)
      rack (>= 1.0)
    rspec (2.5.0)
      rspec-core (~> 2.5.0)
      rspec-expectations (~> 2.5.0)
      rspec-mocks (~> 2.5.0)
    rspec-core (2.5.1)
    rspec-expectations (2.5.0)
      diff-lcs (~> 1.1.2)
    rspec-mocks (2.5.0)
    sinatra (1.1.3)
      rack (~> 1.1)
      tilt (>= 1.2.2, < 2.0)
    tilt (1.2.2)
    will_paginate (2.3.15)
    yajl-ruby (0.7.9)

PLATFORMS
  ruby

DEPENDENCIES
  bundler (>= 1.0.0)
  rack-test (>= 0.5.7)
  rekon!
  ripple!
  rspec (>= 2.5.0)
