PATH
  remote: .
  specs:
    rekon (0.0.1)

GEM
  remote: http://rubygems.org/
  specs:

PLATFORMS
  ruby

DEPENDENCIES
  bundler (>= 1.0.0)
  rekon!
